GEM
  remote: https://rubygems.org/
  specs:
    columnize (0.9.0)
    data_uri (0.1.0)
    diff-lcs (1.2.5)
    jrubyfx (1.1.1-java)
      jrubyfx-fxmlloader (>= 0.4)
    jrubyfx-fxmlloader (0.4-java)
    linecache (0.46)
      rbx-require-relative (> 0.0.4)
    racc (1.4.12)
    racc (1.4.12-java)
    rbx-require-relative (0.0.9)
    require_all (1.3.2)
    rspec (3.1.0)
      rspec-core (~> 3.1.0)
      rspec-expectations (~> 3.1.0)
      rspec-mocks (~> 3.1.0)
    rspec-core (3.1.7)
      rspec-support (~> 3.1.0)
    rspec-expectations (3.1.2)
      diff-lcs (>= 1.2.0, < 2.0)
      rspec-support (~> 3.1.0)
    rspec-mocks (3.1.3)
      rspec-support (~> 3.1.0)
    rspec-support (3.1.2)
    ruby-debug (0.10.4)
      columnize (>= 0.1)
      ruby-debug-base (~> 0.10.4.0)
    ruby-debug-base (0.10.4)
      linecache (>= 0.3)
    ruby-debug-base (0.10.4-java)

PLATFORMS
  java
  ruby

DEPENDENCIES
  data_uri
  jrubyfx
  racc
  require_all
  rspec
  ruby-debug
